GEM
  remote: https://rubygems.org/
  specs:
    activemodel (4.2.7.1)
      activesupport (= 4.2.7.1)
      builder (~> 3.1)
    activesupport (4.2.7.1)
      i18n (~> 0.7)
      json (~> 1.7, >= 1.7.7)
      minitest (~> 5.1)
      thread_safe (~> 0.3, >= 0.3.4)
      tzinfo (~> 1.1)
    bson (1.12.5)
    builder (3.2.2)
    byebug (9.0.6)
    debase (0.2.1)
      debase-ruby_core_source
    debase-ruby_core_source (0.9.3)
    i18n (0.7.0)
    json (1.8.3)
    minitest (5.9.1)
    mongo (1.12.5)
      bson (= 1.12.5)
    mongo_mapper (0.13.1)
      activemodel (>= 3.0.0)
      activesupport (>= 3.0)
      mongo (~> 1.8)
      plucky (~> 0.6.5)
    plucky (0.6.6)
      mongo (~> 1.5)
    rake (11.3.0)
    ruby-debug-ide (0.6.1.beta2)
      rake (>= 0.8.1)
    thread_safe (0.3.5)
    tzinfo (1.2.2)
      thread_safe (~> 0.1)

PLATFORMS
  ruby

DEPENDENCIES
  activemodel (= 4.2.7.1)
  byebug
  debase
  mongo_mapper
  ruby-debug-ide

BUNDLED WITH
   1.13.2
