GEM
  remote: https://rubygems.org/
  specs:
    addressable (2.3.8)
    dragonfly (1.0.11)
      addressable (~> 2.3)
      multi_json (~> 1.0)
      rack (>= 1.3.0)
    multi_json (1.11.2)
    rack (1.6.4)

PLATFORMS
  ruby

DEPENDENCIES
  dragonfly

BUNDLED WITH
   1.10.6
